GEM
  remote: https://rubygems.org/
  specs:
    colorize (0.8.1)
    diff-lcs (1.4.4)
    docker-api (2.0.0)
      excon (>= 0.47.0)
      multi_json
    excon (0.78.1)
    httpclient (2.8.3)
    multi_json (1.15.0)
    pg (1.2.3-x64-mingw32)
    rake (13.0.1)
    rspec (3.10.0)
      rspec-core (~> 3.10.0)
      rspec-expectations (~> 3.10.0)
      rspec-mocks (~> 3.10.0)
    rspec-core (3.10.0)
      rspec-support (~> 3.10.0)
    rspec-expectations (3.10.0)
      diff-lcs (>= 1.2.0, < 2.0)
      rspec-support (~> 3.10.0)
    rspec-mocks (3.10.0)
      diff-lcs (>= 1.2.0, < 2.0)
      rspec-support (~> 3.10.0)
    rspec-support (3.10.0)

PLATFORMS
  x64-mingw32

DEPENDENCIES
  colorize!
  docker-api!
  httpclient!
  pg!
  rake!
  rspec!

BUNDLED WITH
   2.1.4
